GEM
  remote: https://rubygems.org/
  specs:
    httparty (0.8.3)
      multi_json (~> 1.0)
      multi_xml
    json (1.6.8)
    mime-types (1.25.1)
    multi_json (1.10.1)
    multi_xml (0.5.5)
    nest_thermostat (0.0.4)
      httparty (~> 0.8.3)
    rdoc (4.1.1)
      json (~> 1.4)
    rest-client (1.6.8)
      mime-types (~> 1.16)
      rdoc (>= 2.4.2)
    stathat (0.1.7)
    weather_underground (0.0.5)
      json (~> 1.6.5)
      rest-client (~> 1.6.7)

PLATFORMS
  ruby

DEPENDENCIES
  nest_thermostat
  stathat
  weather_underground
